GIT
  remote: git://github.com/nevir/routing-filter.git
  revision: 1049885b01f5cfb09cee8ec7aad66abedaeb6847
  specs:
    routing-filter (0.2.4)
      actionpack

GIT
  remote: git://github.com/parndt/refinerycms-i18n.git
  revision: 20c54222a3a43877b954b7225ad47802cf406e02
  specs:
    refinerycms-i18n (2.0.0)
      refinerycms-core (~> 2.0.0)
      routing-filter (>= 0.2.3)

GIT
  remote: git://github.com/resolve/refinerycms.git
  revision: c19ba844710c3f5eb484616cc47d5f963b28151a
  specs:
    refinerycms (2.0.0)
      bundler (~> 1.0)
      refinerycms-authentication (= 2.0.0)
      refinerycms-core (= 2.0.0)
      refinerycms-dashboard (= 2.0.0)
      refinerycms-images (= 2.0.0)
      refinerycms-pages (= 2.0.0)
      refinerycms-resources (= 2.0.0)
      refinerycms-settings (= 2.0.0)
    refinerycms-authentication (2.0.0)
      devise (~> 1.4.0)
      friendly_id_globalize3 (~> 3.2.1)
      refinerycms-core (= 2.0.0)
    refinerycms-core (2.0.0)
      acts_as_indexed (~> 0.7)
      awesome_nested_set (~> 2.0)
      coffee-rails (~> 3.1.1)
      friendly_id_globalize3 (~> 3.2.1)
      globalize3 (~> 0.2.0.beta3)
      jquery-rails
      rails (>= 3.1.3)
      refinerycms-settings (= 2.0.0)
      sass-rails (~> 3.1.5)
      truncate_html (~> 0.5)
      uglifier
      will_paginate (~> 3.0.2)
    refinerycms-dashboard (2.0.0)
      refinerycms-core (= 2.0.0)
    refinerycms-images (2.0.0)
      dragonfly (~> 0.9.8)
      rack-cache (>= 0.5.3)
      refinerycms-core (= 2.0.0)
    refinerycms-pages (2.0.0)
      awesome_nested_set (~> 2.0)
      friendly_id_globalize3 (~> 3.2.1)
      refinerycms-core (= 2.0.0)
      seo_meta (>= 1.2.0.rc2)
    refinerycms-resources (2.0.0)
      dragonfly (~> 0.9.8)
      rack-cache (>= 0.5.3)
      refinerycms-core (= 2.0.0)
    refinerycms-settings (2.0.0)

GEM
  remote: http://rubygems.org/
  specs:
    actionmailer (3.1.3)
      actionpack (= 3.1.3)
      mail (~> 2.3.0)
    actionpack (3.1.3)
      activemodel (= 3.1.3)
      activesupport (= 3.1.3)
      builder (~> 3.0.0)
      erubis (~> 2.7.0)
      i18n (~> 0.6)
      rack (~> 1.3.5)
      rack-cache (~> 1.1)
      rack-mount (~> 0.8.2)
      rack-test (~> 0.6.1)
      sprockets (~> 2.0.3)
    activemodel (3.1.3)
      activesupport (= 3.1.3)
      builder (~> 3.0.0)
      i18n (~> 0.6)
    activerecord (3.1.3)
      activemodel (= 3.1.3)
      activesupport (= 3.1.3)
      arel (~> 2.2.1)
      tzinfo (~> 0.3.29)
    activeresource (3.1.3)
      activemodel (= 3.1.3)
      activesupport (= 3.1.3)
    activesupport (3.1.3)
      multi_json (~> 1.0)
    acts_as_indexed (0.7.7)
    ansi (1.4.1)
    arel (2.2.1)
    awesome_nested_set (2.0.2)
      activerecord (>= 3.0.0)
    babosa (0.3.5)
    bcrypt-ruby (3.0.1)
    builder (3.0.0)
    coffee-rails (3.1.1)
      coffee-script (>= 2.2.0)
      railties (~> 3.1.0)
    coffee-script (2.2.0)
      coffee-script-source
      execjs
    coffee-script-source (1.1.3)
    devise (1.4.9)
      bcrypt-ruby (~> 3.0)
      orm_adapter (~> 0.0.3)
      warden (~> 1.0.3)
    dragonfly (0.9.8)
      rack
    erubis (2.7.0)
    execjs (1.2.12)
      multi_json (~> 1.0)
    friendly_id_globalize3 (3.2.1.5)
      babosa (~> 0.3.0)
    globalize3 (0.2.0.beta4)
      activemodel (>= 3.0.0)
      activerecord (>= 3.0.0)
      paper_trail (~> 2)
    hike (1.2.1)
    i18n (0.6.0)
    jquery-rails (1.0.19)
      railties (~> 3.0)
      thor (~> 0.14)
    json (1.6.3)
    mail (2.3.0)
      i18n (>= 0.4.0)
      mime-types (~> 1.16)
      treetop (~> 1.4.8)
    mime-types (1.17.2)
    multi_json (1.0.4)
    orm_adapter (0.0.5)
    paper_trail (2.5.0)
      rails (~> 3)
    pg (0.12.0)
      rake-compiler (~> 0.7)
    polyglot (0.3.3)
    rack (1.3.5)
    rack-cache (1.1)
      rack (>= 0.4)
    rack-mount (0.8.3)
      rack (>= 1.0.0)
    rack-ssl (1.3.2)
      rack
    rack-test (0.6.1)
      rack (>= 1.0)
    rails (3.1.3)
      actionmailer (= 3.1.3)
      actionpack (= 3.1.3)
      activerecord (= 3.1.3)
      activeresource (= 3.1.3)
      activesupport (= 3.1.3)
      bundler (~> 1.0)
      railties (= 3.1.3)
    rails-dev-tweaks (0.5.1)
      rails (~> 3.1.0)
    railties (3.1.3)
      actionpack (= 3.1.3)
      activesupport (= 3.1.3)
      rack-ssl (~> 1.3.2)
      rake (>= 0.8.7)
      rdoc (~> 3.4)
      thor (~> 0.14.6)
    rake (0.9.2.2)
    rake-compiler (0.7.9)
      rake
    rdoc (3.11)
      json (~> 1.4)
    sass (3.1.11)
    sass-rails (3.1.5)
      actionpack (~> 3.1.0)
      railties (~> 3.1.0)
      sass (~> 3.1.10)
      tilt (~> 1.3.2)
    seo_meta (1.2.0.rc2)
      rails (>= 3.0.0)
    sprockets (2.0.3)
      hike (~> 1.2)
      rack (~> 1.0)
      tilt (~> 1.1, != 1.3.0)
    thor (0.14.6)
    tilt (1.3.3)
    treetop (1.4.10)
      polyglot
      polyglot (>= 0.3.1)
    truncate_html (0.5.1)
    turn (0.8.2)
      ansi (>= 1.2.2)
    tzinfo (0.3.31)
    uglifier (1.1.0)
      execjs (>= 0.3.0)
      multi_json (>= 1.0.2)
    warden (1.0.6)
      rack (>= 1.0)
    will_paginate (3.0.2)
    zurb-foundation (2.1.3.1)
      jquery-rails (~> 1.0)
      rails (~> 3.1.0)

PLATFORMS
  ruby

DEPENDENCIES
  coffee-rails (~> 3.1.1)
  jquery-rails
  pg
  rails (= 3.1.3)
  rails-dev-tweaks (~> 0.5.0)
  refinerycms!
  refinerycms-i18n (~> 2.0.0)!
  routing-filter!
  sass-rails (~> 3.1.5)
  turn (= 0.8.2)
  uglifier (>= 1.0.3)
  zurb-foundation
